PATH
  remote: .
  specs:
    gd (0.0.1)
      activesupport
      gli
      gooddata
      highline
      rainbow

GEM
  remote: http://rubygems.org/
  specs:
    activesupport (3.1.3)
      multi_json (~> 1.0)
    fastercsv (1.5.4)
    gli (1.4.0)
    gooddata (0.5.1)
      fastercsv
      json
      json_pure
      parseconfig
      rest-client
      rubyzip
    highline (1.6.9)
    json (1.6.4)
    json_pure (1.6.4)
    mime-types (1.17.2)
    multi_json (1.0.4)
    parseconfig (0.5.2)
    rainbow (1.1.3)
    rake (0.9.2.2)
    rdoc (3.12)
      json (~> 1.4)
    rest-client (1.6.7)
      mime-types (>= 1.16)
    rubyzip (0.9.5)

PLATFORMS
  ruby

DEPENDENCIES
  gd!
  rake
  rdoc
